GEM
  remote: https://rubygems.org/
  specs:
    thor (1.2.2)

PLATFORMS
  x86_64-linux

DEPENDENCIES
  thor

BUNDLED WITH
   2.4.15
